GEM
  remote: http://rubygems.org/
  specs:
    aws-s3 (0.6.3)
      builder
      mime-types
      xml-simple
    aws-ses (0.6.0)
      builder
      mail (> 2.2.5)
      mime-types
      xml-simple
    builder (3.2.3)
    celluloid (0.17.3)
      celluloid-essentials
      celluloid-extras
      celluloid-fsm
      celluloid-pool
      celluloid-supervision
      timers (>= 4.1.1)
    celluloid-essentials (0.20.5)
      timers (>= 4.1.1)
    celluloid-extras (0.20.5)
      timers (>= 4.1.1)
    celluloid-fsm (0.20.5)
      timers (>= 4.1.1)
    celluloid-pool (0.20.5)
      timers (>= 4.1.1)
    celluloid-supervision (0.20.6)
      timers (>= 4.1.1)
    celluloid-zmq (0.17.2)
      celluloid (>= 0.17.2)
      ffi
      ffi-rzmq
      timers (>= 4.1.1)
    childprocess (0.9.0)
      ffi (~> 1.0, >= 1.0.11)
    coderay (1.0.9)
    contracts (0.4)
    daemons (1.1.0)
    diff-lcs (1.3)
    domain_name (0.5.20180417)
      unf (>= 0.0.5, < 1.0.0)
    et-orbi (1.0.8)
      tzinfo
    excon (0.45.4)
    ffi (1.9.25)
    ffi (1.9.25-java)
    ffi-rzmq (2.0.5)
      ffi-rzmq-core (>= 1.0.6)
    ffi-rzmq-core (1.0.6)
      ffi
    foreman (0.84.0)
      thor (~> 0.19.1)
    hitimes (1.2.4)
    hitimes (1.2.4-java)
    http-cookie (1.0.3)
      domain_name (~> 0.5)
    leanback (0.5.14)
      multi_json (~> 1.11)
      rest-client (~> 2.0)
    mail (2.6.6)
      mime-types (>= 1.16, < 4)
    method_source (0.8.1)
    mime-types (3.2.2)
      mime-types-data (~> 3.2015)
    mime-types-data (3.2018.0812)
    mini_portile2 (2.4.0)
    multi_json (1.13.1)
    mustermann (1.0.3)
    netrc (0.11.0)
    nokogiri (1.9.1)
      mini_portile2 (~> 2.4.0)
    nokogiri (1.9.1-java)
    polyglot (0.3.5)
    pry (0.9.12.2)
      coderay (~> 1.0.5)
      method_source (~> 0.8)
      slop (~> 3.4)
    pry (0.9.12.2-java)
      coderay (~> 1.0.5)
      method_source (~> 0.8)
      slop (~> 3.4)
      spoon (~> 0.0)
    puma (3.12.3)
    puma (3.12.3-java)
    rack (2.0.6)
    rack-protection (2.0.4)
      rack
    rack-test (0.6.2)
      rack (>= 1.0)
    ragios-client (0.2.4)
      multi_json
      nokogiri (>= 1.8.2)
      rack (>= 2.0.6)
      rest-client
    rake (12.0.0)
    rest-client (2.0.2)
      http-cookie (>= 1.0.2, < 2.0)
      mime-types (>= 1.16, < 4.0)
      netrc (~> 0.8)
    rspec (3.6.0)
      rspec-core (~> 3.6.0)
      rspec-expectations (~> 3.6.0)
      rspec-mocks (~> 3.6.0)
    rspec-core (3.6.0)
      rspec-support (~> 3.6.0)
    rspec-expectations (3.6.0)
      diff-lcs (>= 1.2.0, < 2.0)
      rspec-support (~> 3.6.0)
    rspec-mocks (3.6.0)
      diff-lcs (>= 1.2.0, < 2.0)
      rspec-support (~> 3.6.0)
    rspec-support (3.6.0)
    rubyzip (1.2.2)
    rufus-scheduler (3.4.2)
      et-orbi (~> 1.0)
    selenium-webdriver (3.141.0)
      childprocess (~> 0.5)
      rubyzip (~> 1.2, >= 1.2.2)
    sinatra (2.0.4)
      mustermann (~> 1.0)
      rack (~> 2.0)
      rack-protection (= 2.0.4)
      tilt (~> 2.0)
    slop (3.4.3)
    spoon (0.0.4)
      ffi
    state_machine (1.2.0)
    thor (0.19.4)
    thread_safe (0.3.6)
    thread_safe (0.3.6-java)
    tilt (2.0.8)
    timers (4.1.2)
      hitimes
    treetop (1.6.10)
      polyglot (~> 0.3)
    tzinfo (1.2.4)
      thread_safe (~> 0.1)
    unf (0.1.4)
      unf_ext
    unf (0.1.4-java)
    unf_ext (0.0.7.5)
    uptime_monitor (0.7.10)
      aws-s3
      rack (>= 2.0.6)
      treetop
      watir (~> 6.14.0)
      watir-webdriver-performance (~> 0.2.4)
    watir (6.14.0)
      selenium-webdriver (~> 3.4, >= 3.4.1)
    watir-webdriver (0.9.9)
      selenium-webdriver (>= 2.46.2)
    watir-webdriver-performance (0.2.4)
      watir-webdriver
    xml-simple (1.1.5)

PLATFORMS
  java
  ruby

DEPENDENCIES
  aws-ses
  celluloid-zmq (~> 0.17.2)
  contracts
  daemons
  excon
  ffi (~> 1.9.24)
  foreman
  leanback (~> 0.5.14)
  pry
  puma (~> 3.12.3)
  rack (>= 2.0.6)
  rack-protection (~> 2.0.0)
  rack-test
  ragios-client (~> 0.2.4)
  rake
  rspec
  rufus-scheduler (~> 3.4.2)
  sinatra (~> 2.0.2)
  state_machine
  uptime_monitor (>= 0.7.10)

BUNDLED WITH
   1.16.1
