GEM
  remote: http://rubygems.org/
  specs:
    activesupport (3.0.1)
    atomic (1.1.16)
    atomic (1.1.16-java)
    aws (2.10.2)
      http_connection
      uuidtools
      xml-simple
    aws-s3 (0.6.3)
      builder
      mime-types
      xml-simple
    aws-ses (0.4.4)
      builder
      mail (> 2.2.5)
      mime-types
      xml-simple
    builder (3.0.4)
    carrierwave (0.4.10)
    celluloid (0.14.1)
      timers (>= 1.0.0)
    childprocess (0.5.6)
      ffi (~> 1.0, >= 1.0.11)
    coderay (1.0.9)
    contracts (0.4)
    daemons (1.1.0)
    diff-lcs (1.1.2)
    eventmachine (1.0.4)
    eventmachine (1.0.4-java)
    faraday (0.8.7)
      multipart-post (~> 1.1)
    ffi (1.9.0-java)
    gmail (0.3.4)
      mail (>= 2.2.1)
      mime (>= 0.1)
    headless (1.0.2)
    http_connection (1.4.4)
    i18n (0.4.1)
    json_pure (1.8.1)
    leanback (0.5.1)
      activesupport
      json_pure
      rest-client
    mail (2.2.7)
      activesupport (>= 2.3.6)
      mime-types
      treetop (>= 1.4.5)
    method_source (0.8.1)
    mime (0.1)
    mime-types (1.23)
    multi_json (1.7.2)
    multipart-post (1.2.0)
    polyglot (0.3.1)
    pony (1.0.1)
      mail (> 2.0)
    pry (0.9.12.2)
      coderay (~> 1.0.5)
      method_source (~> 0.8)
      slop (~> 3.4)
    pry (0.9.12.2-java)
      coderay (~> 1.0.5)
      method_source (~> 0.8)
      slop (~> 3.4)
      spoon (~> 0.0)
    puma (2.10.2)
      rack (>= 1.1, < 2.0)
    puma (2.10.2-java)
      rack (>= 1.1, < 2.0)
    rack (1.5.1)
    rack-protection (1.3.2)
      rack
    rack-test (0.6.2)
      rack (>= 1.0)
    ragios-client (0.0.7)
      json_pure
      rest-client
    rake (0.9.2)
    rest-client (1.6.7)
      mime-types (>= 1.16)
    rspec (2.5.0)
      rspec-core (~> 2.5.0)
      rspec-expectations (~> 2.5.0)
      rspec-mocks (~> 2.5.0)
    rspec-core (2.5.1)
    rspec-expectations (2.5.0)
      diff-lcs (~> 1.1.2)
    rspec-mocks (2.5.0)
    rubyzip (1.1.7)
    rufus-scheduler (3.0.7)
      tzinfo
    selenium-webdriver (2.48.0)
      childprocess (~> 0.5)
      multi_json (~> 1.0)
      rubyzip (~> 1.0)
      websocket (~> 1.0)
    simple_oauth (0.2.0)
    sinatra (1.3.4)
      rack (~> 1.4)
      rack-protection (~> 1.3)
      tilt (~> 1.3, >= 1.3.3)
    slop (3.4.3)
    spoon (0.0.4)
      ffi
    state_machine (1.2.0)
    sucker_punch (1.0.1)
      celluloid (~> 0.14.1)
    thor (0.18.1)
    thread_safe (0.3.1)
      atomic (>= 1.1.7, < 2)
    thread_safe (0.3.1-java)
      atomic (>= 1.1.7, < 2)
    tilt (1.3.3)
    timers (1.1.0)
    treetop (1.4.8)
      polyglot (>= 0.3.1)
    twitter (4.6.2)
      faraday (~> 0.8, < 0.10)
      multi_json (~> 1.0)
      simple_oauth (~> 0.2)
    tzinfo (1.1.0)
      thread_safe (~> 0.1)
    uptime_monitor (0.3.1)
      activesupport
      aws
      aws-s3
      carrierwave (= 0.4.10)
      headless (~> 1.0.2)
      treetop
      watir-webdriver
      watir-webdriver-performance (~> 0.2.4)
    uuidtools (2.1.3)
    watir-webdriver (0.9.0)
      selenium-webdriver (>= 2.46.2)
    watir-webdriver-performance (0.2.4)
      watir-webdriver
    websocket (1.2.2)
    xml-simple (1.1.2)

PLATFORMS
  java
  ruby

DEPENDENCIES
  aws-ses
  contracts
  daemons
  eventmachine (~> 1.0.4)
  gmail
  i18n
  json_pure
  leanback (~> 0.5.1)
  pony
  pry
  puma (~> 2.10.1)
  rack-test
  ragios-client (~> 0.0.7)
  rake
  rspec
  rufus-scheduler (~> 3.0.7)
  sinatra
  state_machine
  sucker_punch (~> 1.0)
  thor
  twitter
  uptime_monitor
  uuidtools

BUNDLED WITH
   1.10.1
