GEM
  remote: http://rubygems.org/
  specs:
    activesupport (4.0.13)
      i18n (~> 0.6, >= 0.6.9)
      minitest (~> 4.2)
      multi_json (~> 1.3)
      thread_safe (~> 0.1)
      tzinfo (~> 0.3.37)
    addressable (2.4.0)
    aws-s3 (0.6.3)
      builder
      mime-types
      xml-simple
    aws-ses (0.6.0)
      builder
      mail (> 2.2.5)
      mime-types
      xml-simple
    buftok (0.2.0)
    bugsnag (4.1.0)
    builder (3.2.2)
    celluloid (0.17.3)
      celluloid-essentials
      celluloid-extras
      celluloid-fsm
      celluloid-pool
      celluloid-supervision
      timers (>= 4.1.1)
    celluloid-essentials (0.20.5)
      timers (>= 4.1.1)
    celluloid-extras (0.20.5)
      timers (>= 4.1.1)
    celluloid-fsm (0.20.5)
      timers (>= 4.1.1)
    celluloid-pool (0.20.5)
      timers (>= 4.1.1)
    celluloid-supervision (0.20.5)
      timers (>= 4.1.1)
    childprocess (0.5.9)
      ffi (~> 1.0, >= 1.0.11)
    coderay (1.1.1)
    contracts (0.13.0)
    daemons (1.2.3)
    diff-lcs (1.1.3)
    domain_name (0.5.20160309)
      unf (>= 0.0.5, < 1.0.0)
    equalizer (0.0.10)
    eventmachine (1.0.9.1)
    excon (0.48.0)
    faraday (0.9.2)
      multipart-post (>= 1.2, < 3)
    ffi (1.9.13)
    gmail (0.6.0)
      gmail_xoauth (>= 0.3.0)
      mail (>= 2.2.1)
    gmail_xoauth (0.4.1)
      oauth (>= 0.3.6)
    headless (1.0.2)
    hitimes (1.2.3)
    http (1.0.2)
      addressable (~> 2.3)
      http-cookie (~> 1.0)
      http-form_data (~> 1.0.1)
      http_parser.rb (~> 0.6.0)
    http-cookie (1.0.2)
      domain_name (~> 0.5)
    http-form_data (1.0.1)
    http_parser.rb (0.6.0)
    i18n (0.7.0)
    json (1.8.3)
    leanback (0.5.4)
      multi_json
      rest-client
    mail (2.6.3)
      mime-types (>= 1.16, < 3)
    memoizable (0.4.2)
      thread_safe (~> 0.3, >= 0.3.1)
    method_source (0.8.2)
    mime-types (2.99.1)
    minitest (4.7.5)
    multi_json (1.12.1)
    multipart-post (2.0.0)
    naught (1.1.0)
    netrc (0.11.0)
    oauth (0.5.1)
    polyglot (0.3.5)
    pony (1.11)
      mail (>= 2.0)
    pry (0.10.3)
      coderay (~> 1.1.0)
      method_source (~> 0.8.1)
      slop (~> 3.4)
    puma (3.6.0)
    rack (1.6.4)
    rack-protection (1.5.3)
      rack
    rack-test (0.6.3)
      rack (>= 1.0)
    ragios-client (0.1.0)
      multi_json
      rest-client
    rake (11.0.1)
    rest-client (1.8.0)
      http-cookie (>= 1.0.2, < 2.0)
      mime-types (>= 1.16, < 3.0)
      netrc (~> 0.7)
    rspec (2.5.0)
      rspec-core (~> 2.5.0)
      rspec-expectations (~> 2.5.0)
      rspec-mocks (~> 2.5.0)
    rspec-core (2.5.2)
    rspec-expectations (2.5.0)
      diff-lcs (~> 1.1.2)
    rspec-mocks (2.5.0)
    rubyzip (1.2.0)
    rufus-scheduler (3.0.9)
      tzinfo
    selenium-webdriver (2.53.4)
      childprocess (~> 0.5)
      rubyzip (~> 1.0)
      websocket (~> 1.0)
    simple_oauth (0.3.1)
    sinatra (1.4.7)
      rack (~> 1.5)
      rack-protection (~> 1.4)
      tilt (>= 1.3, < 3)
    slop (3.6.0)
    state_machine (1.2.0)
    sucker_punch (1.6.0)
      celluloid (~> 0.17.2)
    thor (0.19.1)
    thread_safe (0.3.5)
    tilt (2.0.2)
    timers (4.1.1)
      hitimes
    treetop (1.6.5)
      polyglot (~> 0.3)
    twitter (5.16.0)
      addressable (~> 2.3)
      buftok (~> 0.2.0)
      equalizer (= 0.0.10)
      faraday (~> 0.9.0)
      http (~> 1.0)
      http_parser.rb (~> 0.6.0)
      json (~> 1.8)
      memoizable (~> 0.4.0)
      naught (~> 1.0)
      simple_oauth (~> 0.3.0)
    tzinfo (0.3.46)
    unf (0.1.4)
      unf_ext
    unf_ext (0.0.7.2)
    uptime_monitor (0.6.3)
      aws-s3
      headless (~> 1.0.2)
      selenium-webdriver (~> 2.53.4)
      treetop
      watir-webdriver (~> 0.9.1)
      watir-webdriver-performance (~> 0.2.4)
    uuidtools (2.1.5)
    watir-webdriver (0.9.1)
      selenium-webdriver (>= 2.46.2)
    watir-webdriver-performance (0.2.4)
      watir-webdriver
    websocket (1.2.3)
    xml-simple (1.1.5)

PLATFORMS
  ruby

DEPENDENCIES
  activesupport
  aws-ses
  bugsnag
  contracts
  daemons
  eventmachine (~> 1.0.4)
  excon
  gmail
  i18n
  json
  leanback (= 0.5.4)
  multi_json
  pony
  pry
  puma (~> 3.6.0)
  rack-test
  ragios-client (~> 0.1.0)
  rake
  rspec (~> 2.5.0)
  rufus-scheduler (~> 3.0.7)
  sinatra
  state_machine
  sucker_punch (~> 1.0)
  thor
  twitter
  uptime_monitor (~> 0.6.3)
  uuidtools

BUNDLED WITH
   1.11.2
